GEM
  remote: https://rubygems.org/
  specs:
    bindata (2.4.7)
    ffaker (2.15.0)
    kgio (2.11.3)
    mustermann (2.0.2)
      ruby2_keywords (~> 0.0.1)
    rack (2.2.4)
    rack-protection (2.2.3)
      rack
    raindrops (0.19.1)
    ruby2_keywords (0.0.5)
    sequel (5.32.0)
    sinatra (2.2.3)
      mustermann (~> 2.0)
      rack (~> 2.2)
      rack-protection (= 2.2.3)
      tilt (~> 2.0)
    sinatra-sequel (0.9.0)
      sequel (>= 3.2.0)
      sinatra (>= 0.9.4)
    spicy-proton (2.1.7)
      bindata (~> 2.3)
    sqlite3 (1.4.2)
    tilt (2.0.11)
    unicorn (5.5.5)
      kgio (~> 2.6)
      raindrops (~> 0.7)
    ws2812 (0.0.7)

PLATFORMS
  ruby

DEPENDENCIES
  ffaker
  sinatra
  sinatra-sequel
  spicy-proton
  sqlite3
  unicorn
  ws2812

BUNDLED WITH
   2.1.4
